GIT
  remote: git://github.com/jmettraux/ruote-redis.git
  revision: 8b5e847874fb13753541e197de806ba312e739c8
  ref: 8b5e847874fb13753541e197de806ba312e739c8
  specs:
    ruote-redis (2.3.0)
      redis
      ruote (>= 2.3.0)

GIT
  remote: git://github.com/jmettraux/ruote.git
  revision: d69981252e3d9f4f40ee09777319fcd15fa62e7e
  ref: d69981252e3d9f4f40ee09777319fcd15fa62e7e
  specs:
    ruote (2.3.0)
      parslet (= 1.2.3)
      rufus-cloche (>= 1.0.2)
      rufus-dollar (>= 1.0.4)
      rufus-json (>= 1.0.1)
      rufus-mnemo (>= 1.2.2)
      rufus-scheduler (>= 2.0.16)
      rufus-treechecker (>= 1.0.8)
      sourcify (= 0.5.0)

GEM
  remote: http://rubygems.org/
  specs:
    blankslate (2.1.2.4)
    file-tail (1.0.11)
      tins (~> 0.5.0)
    parslet (1.2.3)
      blankslate (~> 2.0)
    redis (3.0.1)
    ruby2ruby (1.3.1)
      ruby_parser (~> 2.0)
      sexp_processor (~> 3.0)
    ruby_parser (2.3.1)
      sexp_processor (~> 3.0)
    rufus-cloche (1.0.2)
      rufus-json (>= 1.0.1)
    rufus-dollar (1.0.4)
    rufus-json (1.0.2)
    rufus-mnemo (1.2.2)
    rufus-scheduler (2.0.17)
      tzinfo (>= 0.3.23)
    rufus-treechecker (1.0.8)
      ruby_parser (>= 2.0.5)
    sexp_processor (3.2.0)
    sourcify (0.5.0)
      file-tail (>= 1.0.5)
      ruby2ruby (>= 1.2.5)
      ruby_parser (>= 2.0.5)
      sexp_processor (>= 3.0.5)
    tins (0.5.1)
    tzinfo (0.3.33)
    yajl-ruby (1.0.0)

PLATFORMS
  ruby

DEPENDENCIES
  ruote!
  ruote-redis!
  yajl-ruby (= 1.0.0)
